PATH
  remote: .
  specs:
    action_logic (0.2.8)

GEM
  remote: https://rubygems.org/
  specs:
    codecov (0.2.12)
      json
      simplecov
    coderay (1.1.3)
    diff-lcs (1.4.4)
    docile (1.1.5)
    json (1.8.6)
    method_source (1.0.0)
    pry (0.14.1)
      coderay (~> 1.1)
      method_source (~> 1.0)
    rake (10.5.0)
    rspec (3.10.0)
      rspec-core (~> 3.10.0)
      rspec-expectations (~> 3.10.0)
      rspec-mocks (~> 3.10.0)
    rspec-core (3.10.1)
      rspec-support (~> 3.10.0)
    rspec-expectations (3.10.1)
      diff-lcs (>= 1.2.0, < 2.0)
      rspec-support (~> 3.10.0)
    rspec-mocks (3.10.2)
      diff-lcs (>= 1.2.0, < 2.0)
      rspec-support (~> 3.10.0)
    rspec-support (3.10.3)
    simplecov (0.10.0)
      docile (~> 1.1.0)
      json (~> 1.8)
      simplecov-html (~> 0.10.0)
    simplecov-html (0.10.2)

PLATFORMS
  x86_64-darwin-19

DEPENDENCIES
  action_logic!
  codecov (~> 0.1)
  pry (~> 0.10)
  rake (~> 10)
  rspec (~> 3.3)
  simplecov (~> 0.10.0)

BUNDLED WITH
   2.2.33
